GIT
  remote: git@github.com:arkadiybutermanov/co2mon.git
  revision: ee6fd441a7c40b2c47bdf5766f1adebae762a646
  specs:
    co2mon (0.1.0)
      ffi

GEM
  remote: https://rubygems.org/
  specs:
    activesupport (4.2.6)
      i18n (~> 0.7)
      json (~> 1.7, >= 1.7.7)
      minitest (~> 5.1)
      thread_safe (~> 0.3, >= 0.3.4)
      tzinfo (~> 1.1)
    ffi (1.9.10)
    hipchat (1.5.3)
      httparty
      mimemagic
    httparty (0.13.7)
      json (~> 1.8)
      multi_xml (>= 0.5.2)
    i18n (0.7.0)
    json (1.8.3)
    mimemagic (0.3.1)
    minitest (5.8.4)
    multi_xml (0.5.5)
    thor (0.19.1)
    thread_safe (0.3.5)
    tzinfo (1.2.2)
      thread_safe (~> 0.1)

PLATFORMS
  ruby

DEPENDENCIES
  activesupport
  co2mon!
  hipchat
  thor

BUNDLED WITH
   1.11.2
